GEM
  remote: http://rubygems.org/
  specs:
    activemodel (3.2.8)
      activesupport (= 3.2.8)
      builder (~> 3.0.0)
    activerecord (3.2.8)
      activemodel (= 3.2.8)
      activesupport (= 3.2.8)
      arel (~> 3.0.2)
      tzinfo (~> 0.3.29)
    activesupport (3.2.8)
      i18n (~> 0.6)
      multi_json (~> 1.0)
    ansi (1.4.2)
    arel (3.0.2)
    builder (3.0.0)
    carrierwave (0.6.2)
      activemodel (>= 3.2.0)
      activesupport (>= 3.2.0)
    columnize (0.3.6)
    debugger (1.1.1)
      columnize (>= 0.3.1)
      debugger-linecache (~> 1.1)
      debugger-ruby_core_source (~> 1.1)
    debugger-linecache (1.1.1)
      debugger-ruby_core_source (>= 1.1.1)
    debugger-ruby_core_source (1.1.2)
    git (1.2.5)
    i18n (0.6.0)
    jeweler (1.6.4)
      bundler (~> 1.0)
      git (>= 1.2.5)
      rake
    minitest (3.2.0)
    minitest-matchers (1.1.3)
      minitest (>= 2.5.0)
    multi_json (1.3.6)
    rake (0.9.2.2)
    rcov (0.9.11)
    sqlite3 (1.3.6)
    turn (0.9.5)
      ansi
    tzinfo (0.3.33)
    valid_attribute (1.2.0)

PLATFORMS
  ruby

DEPENDENCIES
  activerecord
  bundler (~> 1.0.0)
  carrierwave
  debugger
  jeweler (~> 1.6.4)
  minitest
  minitest-matchers
  rcov
  sqlite3
  turn
  valid_attribute
